GEM
  remote: https://rubygems.org/
  specs:
    ceedling (0.30.0)
      constructor (>= 1.0.4)
      rake (>= 12.2.1)
      thor (>= 0.14.5)
    constructor (2.0.0)
    rake (13.0.1)
    thor (1.0.1)

PLATFORMS
  ruby

DEPENDENCIES
  ceedling (~> 0.30.0)

BUNDLED WITH
   2.1.4
